PATH
  remote: .
  specs:
    invoca-utils (0.3.0)

GEM
  remote: https://rubygems.org/
  remote: https://gem.fury.io/invoca/
  specs:
    activesupport (4.2.11.3)
      i18n (~> 0.7)
      minitest (~> 5.1)
      thread_safe (~> 0.3, >= 0.3.4)
      tzinfo (~> 1.1)
    ansi (1.5.0)
    builder (3.2.4)
    coderay (1.1.3)
    concurrent-ruby (1.1.6)
    hoe (3.22.1)
      rake (>= 0.8, < 15.0)
    i18n (0.9.5)
      concurrent-ruby (~> 1.0)
    method_source (1.0.0)
    minitest (5.14.1)
    minitest-reporters (1.4.2)
      ansi
      builder
      minitest (>= 5.0)
      ruby-progressbar
    pry (0.13.1)
      coderay (~> 1.1)
      method_source (~> 1.0)
    rake (13.0.1)
    rr (1.1.2)
    ruby-prof (1.4.1)
    ruby-progressbar (1.10.1)
    shoulda (3.5.0)
      shoulda-context (~> 1.0, >= 1.0.1)
      shoulda-matchers (>= 1.4.1, < 3.0)
    shoulda-context (1.2.2)
    shoulda-matchers (2.8.0)
      activesupport (>= 3.0.0)
    test-unit (1.2.3)
      hoe (>= 1.5.1)
    test_overrides (0.13.0)
    thread_safe (0.3.6)
    tzinfo (1.2.7)
      thread_safe (~> 0.1)

PLATFORMS
  ruby

DEPENDENCIES
  activesupport (~> 4.2)!
  invoca-utils!
  minitest!
  minitest-reporters!
  pry!
  rake!
  rr (= 1.1.2)!
  ruby-prof!
  shoulda (= 3.5.0)!
  test-unit (= 1.2.3)!
  test_overrides (~> 0.13)!
  tzinfo!

BUNDLED WITH
   1.17.3
