PATH
  remote: .
  specs:
    invoca-utils (0.0.3)

GEM
  remote: https://rubygems.org/
  specs:
    activesupport (4.2.6)
      i18n (~> 0.7)
      json (~> 1.7, >= 1.7.7)
      minitest (~> 5.1)
      thread_safe (~> 0.3, >= 0.3.4)
      tzinfo (~> 1.1)
    coderay (1.1.1)
    hoe (3.15.0)
      rake (>= 0.8, < 12.0)
    i18n (0.7.0)
    json (1.8.3)
    method_source (0.8.2)
    minitest (5.9.0)
    pry (0.10.3)
      coderay (~> 1.1.0)
      method_source (~> 0.8.1)
      slop (~> 3.4)
    rake (11.1.2)
    rr (1.1.2)
    ruby-prof (0.15.9)
    shoulda (3.5.0)
      shoulda-context (~> 1.0, >= 1.0.1)
      shoulda-matchers (>= 1.4.1, < 3.0)
    shoulda-context (1.2.1)
    shoulda-matchers (2.8.0)
      activesupport (>= 3.0.0)
    slop (3.6.0)
    test-unit (1.2.3)
      hoe (>= 1.5.1)
    thread_safe (0.3.5)
    tzinfo (1.2.2)
      thread_safe (~> 0.1)

PLATFORMS
  ruby

DEPENDENCIES
  bundler (~> 1.6)
  invoca-utils!
  minitest
  pry
  rake
  rr (= 1.1.2)
  ruby-prof
  shoulda (= 3.5.0)
  test-unit (= 1.2.3)
  tzinfo

BUNDLED WITH
   1.12.5
