PATH
  remote: .
  specs:
    invoca-utils (0.1.1)

GEM
  remote: https://rubygems.org/
  specs:
    activesupport (5.1.4)
      concurrent-ruby (~> 1.0, >= 1.0.2)
      i18n (~> 0.7)
      minitest (~> 5.1)
      tzinfo (~> 1.1)
    ansi (1.5.0)
    builder (3.2.4)
    coderay (1.1.2)
    concurrent-ruby (1.0.5)
    hoe (3.22.1)
      rake (>= 0.8, < 15.0)
    i18n (0.9.1)
      concurrent-ruby (~> 1.0)
    method_source (0.9.0)
    minitest (5.11.1)
    minitest-reporters (1.1.14)
      ansi
      builder
      minitest (>= 5.0)
      ruby-progressbar
    pry (0.11.3)
      coderay (~> 1.1.0)
      method_source (~> 0.9.0)
    rake (13.0.1)
    rr (1.1.2)
    ruby-prof (0.17.0)
    ruby-progressbar (1.10.1)
    shoulda (3.5.0)
      shoulda-context (~> 1.0, >= 1.0.1)
      shoulda-matchers (>= 1.4.1, < 3.0)
    shoulda-context (1.2.2)
    shoulda-matchers (2.8.0)
      activesupport (>= 3.0.0)
    test-unit (1.2.3)
      hoe (>= 1.5.1)
    thread_safe (0.3.6)
    tzinfo (1.2.4)
      thread_safe (~> 0.1)

PLATFORMS
  ruby

DEPENDENCIES
  invoca-utils!
  minitest
  minitest-reporters
  pry
  rake
  rr (= 1.1.2)
  ruby-prof
  shoulda (= 3.5.0)
  test-unit (= 1.2.3)
  tzinfo

BUNDLED WITH
   1.17.3
